GIT
  remote: git://github.com/kuadrosx/mongoid_ext.git
  revision: 51271eaf3c8c9b155fa7b0060821a284c2e12cae
  branch: mongoid5
  specs:
    mongoid_ext (0.9.0)
      differ (>= 0.1.2)
      encryptor (~> 1.3.0)
      i18n
      mongoid
      rack
      tzinfo
      uuidtools (>= 2.1.1)

GEM
  remote: http://rubygems.org/
  specs:
    activemodel (6.0.0)
      activesupport (= 6.0.0)
    activesupport (6.0.0)
      concurrent-ruby (~> 1.0, >= 1.0.2)
      i18n (>= 0.7, < 2)
      minitest (~> 5.1)
      tzinfo (~> 1.1)
      zeitwerk (~> 2.1, >= 2.1.8)
    bcrypt (3.1.13)
    bson (4.5.0)
    coderay (1.1.2)
    concurrent-ruby (1.1.5)
    differ (0.1.2)
    encryptor (1.3.0)
    faraday (0.17.0)
      multipart-post (>= 1.2, < 3)
    i18n (1.7.0)
      concurrent-ruby (~> 1.0)
    jwt (2.2.1)
    method_source (0.9.2)
    minitest (5.12.2)
    mongo (2.10.2)
      bson (>= 4.4.2, < 5.0.0)
    mongoid (7.0.5)
      activemodel (>= 5.1, < 6.1)
      mongo (>= 2.5.1, < 3.0.0)
    multipart-post (2.1.1)
    mustermann (1.0.3)
    nio4r (2.5.2)
    oj (3.9.2)
    pry (0.12.2)
      coderay (~> 1.1.0)
      method_source (~> 0.9.0)
    puma (4.2.1)
      nio4r (~> 2.0)
    rack (2.0.7)
    rack-cors (1.0.3)
    rack-parser (0.7.0)
      rack
    rack-protection (2.0.7)
      rack
    sinatra (2.0.7)
      mustermann (~> 1.0)
      rack (~> 2.0)
      rack-protection (= 2.0.7)
      tilt (~> 2.0)
    thread_safe (0.3.6)
    tilt (2.0.10)
    tzinfo (1.2.10)
      thread_safe (~> 0.1)
    uuidtools (2.1.5)
    zeitwerk (2.2.0)

PLATFORMS
  ruby

DEPENDENCIES
  bcrypt (~> 3.1.7)
  faraday
  jwt
  mongoid
  mongoid_ext!
  oj
  pry
  puma
  rack
  rack-cors
  rack-parser
  sinatra

BUNDLED WITH
   2.0.2
